GEM
  remote: https://rubygems.org/
  specs:
    emoji_regex (3.0.0)

PLATFORMS
  ruby

DEPENDENCIES
  emoji_regex (~> 3.0.0)

BUNDLED WITH
   2.1.4
