GEM
  remote: https://rubygems.org/
  specs:
    emoji_regex (2.0.0)

PLATFORMS
  ruby

DEPENDENCIES
  emoji_regex (~> 2.0.0)

BUNDLED WITH
   1.17.2
